GEM
  remote: https://rubygems.org/
  specs:
    caxlsx (4.0.0)
      htmlentities (~> 4.3, >= 4.3.4)
      marcel (~> 1.0)
      nokogiri (~> 1.10, >= 1.10.4)
      rubyzip (>= 1.3.0, < 3)
    htmlentities (4.3.4)
    marcel (1.0.2)
    nokogiri (1.15.5-x86_64-linux)
      racc (~> 1.4)
    racc (1.7.3)
    rubyzip (2.3.2)

PLATFORMS
  x86_64-linux

DEPENDENCIES
  caxlsx
  nokogiri

RUBY VERSION
   ruby 3.2.2p53

BUNDLED WITH
   2.4.22
