GEM
  remote: https://rubygems.org/
  specs:
    nio4r (2.7.0)
    puma (6.4.0)
      nio4r (~> 2.0)

PLATFORMS
  x86_64-linux

DEPENDENCIES
  puma

RUBY VERSION
   ruby 3.2.2p53

BUNDLED WITH
   2.4.22
